GEM
  remote: https://rubygems.org/
  specs:
    bigdecimal (3.1.4)
    byebug (11.1.3)
    cgiup (0.0.1)
    minitest (5.20.0)
    mustermann (3.0.0)
      ruby2_keywords (~> 0.0.1)
    nio4r (2.5.9)
    prettier_print (1.2.1)
    puma (6.4.0)
      nio4r (~> 2.0)
    rack (2.2.8)
    rack-protection (3.1.0)
      rack (~> 2.2, >= 2.2.4)
    ruby-prof (1.6.3)
    ruby2_keywords (0.0.5)
    sequel (5.73.0)
      bigdecimal
    sinatra (3.1.0)
      mustermann (~> 3.0)
      rack (~> 2.2, >= 2.2.4)
      rack-protection (= 3.1.0)
      tilt (~> 2.0)
    sqlite3 (1.6.7-arm64-darwin)
    sqlite3 (1.6.7-x86_64-linux)
    syntax_tree (6.2.0)
      prettier_print (>= 1.2.0)
    tilt (2.3.0)

PLATFORMS
  arm64-darwin-22
  arm64-darwin-23
  x86_64-linux

DEPENDENCIES
  byebug (~> 11.1, >= 11.1.3)
  cgiup (~> 0.0.1)
  minitest (~> 5.20)
  puma (~> 6.4)
  ruby-prof (~> 1.6, >= 1.6.3)
  sequel (~> 5.73)
  sinatra (~> 3.1)
  sqlite3 (~> 1.6, >= 1.6.7)
  syntax_tree (~> 6.2)

BUNDLED WITH
   2.4.10
