GEM
  remote: https://rubygems.org/
  specs:
    bigdecimal (3.1.4)
    byebug (11.1.3)
    cgiup (0.0.1)
    minitest (5.20.0)
    prettier_print (1.2.1)
    ruby-prof (1.6.3)
    sequel (5.73.0)
      bigdecimal
    sqlite3 (1.6.7-arm64-darwin)
    syntax_tree (6.2.0)
      prettier_print (>= 1.2.0)

PLATFORMS
  arm64-darwin-22
  arm64-darwin-23

DEPENDENCIES
  byebug (~> 11.1, >= 11.1.3)
  cgiup (~> 0.0.1)
  minitest (~> 5.20)
  ruby-prof (~> 1.6, >= 1.6.3)
  sequel (~> 5.73)
  sqlite3 (~> 1.6, >= 1.6.7)
  syntax_tree (~> 6.2)

BUNDLED WITH
   2.4.10
